GEM
  remote: http://rubygems.org/
  specs:
    activesupport (3.0.7)
    chunky_png (1.2.0)
    compass (0.11.1)
      chunky_png (~> 1.1)
      fssm (>= 0.2.7)
      sass (~> 3.1)
    fssm (0.2.7)
    haml (3.1.1)
    i18n (0.5.0)
    rack (1.2.2)
    rack-test (0.5.7)
      rack (>= 1.0)
    sass (3.1.1)
    serve (1.5.1)
      activesupport (~> 3.0)
      i18n
      rack (~> 1.2)
      rack-test (~> 0.5)
      tilt (~> 1.3)
      tzinfo
    tilt (1.3.2)
    tzinfo (0.3.27)

PLATFORMS
  java

DEPENDENCIES
  compass
  haml
  serve (= 1.5.1)
